GEM
  remote: https://rubygems.org/
  specs:
    activesupport (6.0.6.1)
      concurrent-ruby (~> 1.0, >= 1.0.2)
      i18n (>= 0.7, < 2)
      minitest (~> 5.1)
      tzinfo (~> 1.1)
      zeitwerk (~> 2.2, >= 2.2.2)
    concurrent-ruby (1.2.0)
    digest-crc (0.4.1)
    i18n (1.12.0)
      concurrent-ruby (~> 1.0)
    minitest (5.15.0)
    nio4r (2.5.1)
    puma (4.1.1)
      nio4r (~> 2.0)
    rack (1.6.4)
    rack-protection (1.5.3)
      rack
    ruby-kafka (0.7.10)
      digest-crc
    sinatra (1.4.7)
      rack (~> 1.5)
      rack-protection (~> 1.4)
      tilt (>= 1.3, < 3)
    thread_safe (0.3.6)
    tilt (2.0.2)
    tzinfo (1.2.11)
      thread_safe (~> 0.1)
    zeitwerk (2.6.6)

PLATFORMS
  ruby

DEPENDENCIES
  activesupport
  puma
  ruby-kafka
  sinatra

RUBY VERSION
   ruby 2.5.6p201

BUNDLED WITH
   2.0.2
