GEM
  remote: https://rubygems.org/
  specs:
    activesupport (5.1.4)
      concurrent-ruby (~> 1.0, >= 1.0.2)
      i18n (~> 0.7)
      minitest (~> 5.1)
      tzinfo (~> 1.1)
    concurrent-ruby (1.0.5)
    digest-crc (0.4.1)
    i18n (0.8.6)
    minitest (5.10.3)
    nio4r (2.5.8)
    puma (4.3.12)
      nio4r (~> 2.0)
    rack (1.6.4)
    rack-protection (1.5.3)
      rack
    ruby-kafka (0.7.10)
      digest-crc
    sinatra (1.4.7)
      rack (~> 1.5)
      rack-protection (~> 1.4)
      tilt (>= 1.3, < 3)
    thread_safe (0.3.6)
    tilt (2.0.2)
    tzinfo (1.2.3)
      thread_safe (~> 0.1)

PLATFORMS
  ruby

DEPENDENCIES
  activesupport
  puma
  ruby-kafka
  sinatra

RUBY VERSION
   ruby 2.5.6p201

BUNDLED WITH
   2.0.2
